GEM
  remote: https://rubygems.org/
  specs:
    i18n (0.7.0)

PLATFORMS
  ruby

DEPENDENCIES
  i18n

BUNDLED WITH
   1.12.4
